PATH
  remote: .
  specs:
    pain_message_generator (0.1.0)
      activemodel (>= 3.0, < 5.0)
      money (= 6.1.1)
      nokogiri (= 1.6.2.1)
      rake (= 10.3.2)
      sax-machine (= 1.0.2)

GEM
  remote: https://rubygems.org/
  specs:
    activemodel (4.1.6)
      activesupport (= 4.1.6)
      builder (~> 3.1)
    activesupport (4.1.6)
      i18n (~> 0.6, >= 0.6.9)
      json (~> 1.7, >= 1.7.7)
      minitest (~> 5.1)
      thread_safe (~> 0.1)
      tzinfo (~> 1.1)
    builder (3.2.2)
    coderay (1.1.0)
    diff-lcs (1.2.5)
    i18n (0.6.11)
    json (1.8.1)
    method_source (0.8.2)
    mini_portile (0.6.0)
    minitest (5.4.2)
    money (6.1.1)
      i18n (~> 0.6.4)
    nokogiri (1.6.2.1)
      mini_portile (= 0.6.0)
    pry (0.10.1)
      coderay (~> 1.1.0)
      method_source (~> 0.8.1)
      slop (~> 3.4)
    rake (10.3.2)
    rake_commit (1.0.1)
    rspec (2.99.0)
      rspec-core (~> 2.99.0)
      rspec-expectations (~> 2.99.0)
      rspec-mocks (~> 2.99.0)
    rspec-core (2.99.1)
    rspec-expectations (2.99.1)
      diff-lcs (>= 1.1.3, < 2.0)
    rspec-mocks (2.99.1)
    sax-machine (1.0.2)
    slop (3.6.0)
    thread_safe (0.3.4)
    timecop (0.7.1)
    tzinfo (1.2.2)
      thread_safe (~> 0.1)

PLATFORMS
  ruby

DEPENDENCIES
  json (= 1.8.1)
  pain_message_generator!
  pry
  rake_commit (= 1.0.1)
  rspec (= 2.99.0)
  timecop (= 0.7.1)
